GEM
  remote: https://rubygems.org/
  specs:
    bubble-wrap (1.7.1)
      bubble-wrap-http (= 1.7.1)
    bubble-wrap-http (1.7.1)
    rake (12.3.3)

PLATFORMS
  ruby

DEPENDENCIES
  bubble-wrap
  rake
